GEM
  remote: http://rubygems.org/
  specs:
    rack (1.5.2)
    rack-protection (1.5.0)
      rack
    sinatra (1.3.6)
      rack (~> 1.4)
      rack-protection (~> 1.3)
      tilt (~> 1.3, >= 1.3.3)
    tilt (1.4.0)

PLATFORMS
  ruby

DEPENDENCIES
  sinatra (~> 1.3.1)
